GIT
  remote: git://github.com/acco/graphite-graph-dsl.git
  revision: a24a3412d793308bd2c4dffa35867266bf9c6c70
  ref: a24a3412d793308bd2c4dffa35867266bf9c6c70
  specs:
    graphite_graph (0.0.8)

GEM
  remote: http://rubygems.org/
  specs:
    rack (1.4.1)
    rack-protection (1.2.0)
      rack
    redcarpet (2.1.1)
    sinatra (1.3.2)
      rack (~> 1.3, >= 1.3.6)
      rack-protection (~> 1.2)
      tilt (~> 1.3, >= 1.3.3)
    tilt (1.3.3)

PLATFORMS
  ruby

DEPENDENCIES
  graphite_graph!
  redcarpet
  sinatra
